PATH
  remote: .
  specs:
    fluent-plugin-cloudstack (0.1.3)
      eventmachine
      fluentd (>= 0.10.7)
      fog

GEM
  remote: https://rubygems.org/
  specs:
    builder (3.2.2)
    cool.io (1.1.1)
      iobuffer (>= 1.0.0)
    eventmachine (1.0.3)
    excon (0.31.0)
    fluentd (0.10.43)
      cool.io (~> 1.1.1)
      http_parser.rb (~> 0.5.1)
      json (>= 1.4.3)
      msgpack (>= 0.4.4, < 0.6.0, != 0.5.3, != 0.5.2, != 0.5.1, != 0.5.0)
      sigdump (~> 0.2.2)
      yajl-ruby (~> 1.0)
    fog (1.20.0)
      builder
      excon (~> 0.31.0)
      formatador (~> 0.2.0)
      mime-types
      multi_json (~> 1.0)
      net-scp (~> 1.1)
      net-ssh (>= 2.1.3)
      nokogiri (>= 1.5.11)
    formatador (0.2.4)
    http_parser.rb (0.5.3)
    iobuffer (1.1.2)
    json (1.8.1)
    mime-types (2.1)
    mini_portile (0.5.2)
    msgpack (0.5.8)
    multi_json (1.8.4)
    net-scp (1.1.2)
      net-ssh (>= 2.6.5)
    net-ssh (2.8.0)
    nokogiri (1.6.1)
      mini_portile (~> 0.5.0)
    rake (10.1.1)
    sigdump (0.2.2)
    yajl-ruby (1.2.0)

PLATFORMS
  ruby

DEPENDENCIES
  fluent-plugin-cloudstack!
  rake
